GEM
  remote: https://rubygems.org/
  specs:
    ruby-filemagic (0.5.0)
    ruby-progressbar (1.3.2)
    streamio-ffmpeg (1.0.0)

PLATFORMS
  ruby

DEPENDENCIES
  ruby-filemagic
  ruby-progressbar
  streamio-ffmpeg
