GEM
  remote: https://rubygems.org/
  specs:
    ruby-filemagic (0.5.0)
    streamio-ffmpeg (1.0.0)

PLATFORMS
  ruby

DEPENDENCIES
  ruby-filemagic
  streamio-ffmpeg
